PATH
  remote: .
  specs:
    seapig-client (0.0.1)
      hana
      jsondiff
      websocket-eventmachine-client

GEM
  remote: https://rubygems.org/
  specs:
    eventmachine (1.0.9.1)
    hana (1.3.1)
    json (1.8.3)
    jsondiff (0.0.5)
    rdoc (4.2.2)
      json (~> 1.4)
    websocket (1.2.2)
    websocket-eventmachine-base (1.2.0)
      eventmachine (~> 1.0)
      websocket (~> 1.0)
      websocket-native (~> 1.0)
    websocket-eventmachine-client (1.1.0)
      websocket-eventmachine-base (~> 1.0)
    websocket-native (1.0.0)

PLATFORMS
  ruby

DEPENDENCIES
  hana
  jsondiff
  rdoc
  seapig-client!
